GEM
  remote: https://rubygems.org/
  specs:
    chipmunk (6.1.3.4)
    gosu (0.11.2)

PLATFORMS
  ruby

DEPENDENCIES
  chipmunk
  gosu

BUNDLED WITH
   1.14.6
